PATH
  remote: ../polyphony
  specs:
    polyphony (0.77)

PATH
  remote: ../tipi
  specs:
    tipi (0.49)
      acme-client (~> 2.0.9)
      ever (~> 0.1)
      extralite (~> 1.2)
      h1p (~> 0.3)
      http-2 (~> 0.11)
      localhost (~> 1.1.4)
      msgpack (~> 1.4.2)
      polyphony (~> 0.77)
      qeweney (~> 0.16)
      rack (>= 2.0.8, < 2.3.0)
      websocket (~> 1.2.8)

GEM
  remote: https://rubygems.org/
  specs:
    acme-client (2.0.9)
      faraday (>= 0.17, < 2.0.0)
    escape_utils (1.2.1)
    ever (0.1)
    extralite (1.11)
    faraday (1.9.3)
      faraday-em_http (~> 1.0)
      faraday-em_synchrony (~> 1.0)
      faraday-excon (~> 1.1)
      faraday-httpclient (~> 1.0)
      faraday-multipart (~> 1.0)
      faraday-net_http (~> 1.0)
      faraday-net_http_persistent (~> 1.0)
      faraday-patron (~> 1.0)
      faraday-rack (~> 1.0)
      faraday-retry (~> 1.0)
      ruby2_keywords (>= 0.0.4)
    faraday-em_http (1.0.0)
    faraday-em_synchrony (1.0.0)
    faraday-excon (1.1.0)
    faraday-httpclient (1.0.1)
    faraday-multipart (1.0.3)
      multipart-post (>= 1.2, < 3)
    faraday-net_http (1.0.1)
    faraday-net_http_persistent (1.2.0)
    faraday-patron (1.0.0)
    faraday-rack (1.0.0)
    faraday-retry (1.0.3)
    h1p (0.3)
    http-2 (0.11.0)
    httparty (0.20.0)
      mime-types (~> 3.0)
      multi_xml (>= 0.5.2)
    impression (0.10)
      modulation (~> 1.1)
      papercraft (~> 0.19)
      polyphony (~> 0.77)
      qeweney (~> 0.17)
      tipi (~> 0.49)
    kramdown (2.3.1)
      rexml
    kramdown-parser-gfm (1.1.0)
      kramdown (~> 2.0)
    localhost (1.1.9)
    mime-types (3.4.1)
      mime-types-data (~> 3.2015)
    mime-types-data (3.2022.0105)
    modulation (1.1)
    msgpack (1.4.4)
    multi_xml (0.6.0)
    multipart-post (2.1.1)
    nokogiri (1.13.1-x86_64-linux)
      racc (~> 1.4)
    papercraft (0.19)
      escape_utils (~> 1.2.1)
      kramdown (~> 2.3.1)
      kramdown-parser-gfm (~> 1.1.0)
      rouge (~> 3.27.0)
    qeweney (0.17)
      escape_utils (~> 1.2.1)
    racc (1.6.0)
    rack (2.2.3)
    rexml (3.2.5)
    rouge (3.27.0)
    ruby2_keywords (0.0.5)
    websocket (1.2.9)

PLATFORMS
  x86_64-linux

DEPENDENCIES
  httparty (~> 0.20.0)
  impression (~> 0.10)
  modulation
  nokogiri (~> 1.13.1)
  papercraft (~> 0.19)
  polyphony (~> 0.77)!
  tipi (~> 0.49)!

BUNDLED WITH
   2.3.3
