GEM
  remote: https://rubygems.org/
  specs:
    bigdecimal (3.2.2)
    csv (3.3.5)
    escape_utils (1.3.0)
    httparty (0.23.1)
      csv
      mini_mime (>= 1.0.0)
      multi_xml (>= 0.5.2)
    impression (0.18)
      papercraft (~> 1.4)
      qeweney (~> 0.21)
    kramdown (2.5.1)
      rexml (>= 3.3.9)
    kramdown-parser-gfm (1.1.0)
      kramdown (~> 2.0)
    mini_mime (1.1.5)
    modulation (1.2)
    multi_xml (0.7.2)
      bigdecimal (~> 3.1)
    nokogiri (1.18.8-aarch64-linux-gnu)
      racc (~> 1.4)
    nokogiri (1.18.8-aarch64-linux-musl)
      racc (~> 1.4)
    nokogiri (1.18.8-arm-linux-gnu)
      racc (~> 1.4)
    nokogiri (1.18.8-arm-linux-musl)
      racc (~> 1.4)
    nokogiri (1.18.8-arm64-darwin)
      racc (~> 1.4)
    nokogiri (1.18.8-x86_64-darwin)
      racc (~> 1.4)
    nokogiri (1.18.8-x86_64-linux-gnu)
      racc (~> 1.4)
    nokogiri (1.18.8-x86_64-linux-musl)
      racc (~> 1.4)
    papercraft (1.4)
      escape_utils (~> 1.3.0)
      kramdown (~> 2.5.1)
      kramdown-parser-gfm (~> 1.1.0)
      rouge (~> 4.5.1)
      sirop (~> 0.5)
    prism (0.27.0)
    qeweney (0.21)
      escape_utils (= 1.3.0)
    racc (1.8.1)
    rack (3.1.15)
    rexml (3.4.1)
    rouge (4.5.2)
    sirop (0.5)
      prism (~> 0.27.0)
    tp2 (0.13.2)
      qeweney (~> 0.21)
      rack (~> 3.1.15)
      uringmachine (~> 0.15)
    uringmachine (0.15)

PLATFORMS
  aarch64-linux-gnu
  aarch64-linux-musl
  arm-linux-gnu
  arm-linux-musl
  arm64-darwin
  x86_64-darwin
  x86_64-linux-gnu
  x86_64-linux-musl

DEPENDENCIES
  httparty (~> 0.23.1)
  impression (= 0.18)
  modulation
  nokogiri (~> 1.18.8)
  papercraft (= 1.4)
  tp2 (= 0.13.2)
  uringmachine (= 0.15)

BUNDLED WITH
   2.6.9
