PATH
  remote: ../impression
  specs:
    impression (0.1)
      kramdown (~> 2.3.0)
      kramdown-parser-gfm (~> 1.1.0)
      polyphony (~> 0.67)
      qeweney (~> 0.14)
      rouge (~> 3.26.0)
      tipi (~> 0.41)

PATH
  remote: ../polyphony
  specs:
    polyphony (0.71)

PATH
  remote: ../qeweney
  specs:
    qeweney (0.14)
      escape_utils (~> 1.2.1)

PATH
  remote: ../tipi
  specs:
    tipi (0.43)
      acme-client (~> 2.0.8)
      extralite (~> 1.2)
      h1p (~> 0.2)
      http-2 (~> 0.11)
      localhost (~> 1.1.4)
      msgpack (~> 1.4.2)
      polyphony (~> 0.69)
      qeweney (~> 0.14)
      rack (>= 2.0.8, < 2.3.0)
      websocket (~> 1.2.8)

GEM
  remote: https://rubygems.org/
  specs:
    acme-client (2.0.8)
      faraday (>= 0.17, < 2.0.0)
    escape_utils (1.2.1)
    extralite (1.3)
    faraday (1.7.0)
      faraday-em_http (~> 1.0)
      faraday-em_synchrony (~> 1.0)
      faraday-excon (~> 1.1)
      faraday-httpclient (~> 1.0.1)
      faraday-net_http (~> 1.0)
      faraday-net_http_persistent (~> 1.1)
      faraday-patron (~> 1.0)
      faraday-rack (~> 1.0)
      multipart-post (>= 1.2, < 3)
      ruby2_keywords (>= 0.0.4)
    faraday-em_http (1.0.0)
    faraday-em_synchrony (1.0.0)
    faraday-excon (1.1.0)
    faraday-httpclient (1.0.1)
    faraday-net_http (1.0.1)
    faraday-net_http_persistent (1.2.0)
    faraday-patron (1.0.0)
    faraday-rack (1.0.0)
    ffi (1.15.3)
    h1p (0.2)
    http-2 (0.11.0)
    httparty (0.18.1)
      mime-types (~> 3.0)
      multi_xml (>= 0.5.2)
    kramdown (2.3.1)
      rexml
    kramdown-parser-gfm (1.1.0)
      kramdown (~> 2.0)
    localhost (1.1.8)
    mime-types (3.3.1)
      mime-types-data (~> 3.2015)
    mime-types-data (3.2021.0704)
    mini_portile2 (2.6.1)
    modulation (1.1)
    msgpack (1.4.2)
    multi_xml (0.6.0)
    multipart-post (2.1.1)
    nokogiri (1.12.3)
      mini_portile2 (~> 2.6.1)
      racc (~> 1.4)
    open-uri (0.1.0)
    racc (1.4.16)
    rack (2.2.3)
    rb-inotify (0.10.1)
      ffi (~> 1.0)
    rexml (3.2.5)
    rouge (3.26.0)
    ruby2_keywords (0.0.5)
    rubyoshka (0.6.1)
      escape_utils (= 1.2.1)
    websocket (1.2.9)

PLATFORMS
  ruby

DEPENDENCIES
  escape_utils (= 1.2.1)
  httparty (= 0.18.1)
  impression!
  modulation
  nokogiri (= 1.12.3)
  open-uri (= 0.1.0)
  polyphony!
  qeweney!
  rb-inotify (= 0.10.1)
  rouge (= 3.26.0)
  rubyoshka (= 0.6.1)
  tipi!

BUNDLED WITH
   2.1.4
