GEM
  remote: https://rubygems.org/
  specs:
    bigdecimal (3.2.2)
    csv (3.3.5)
    escape_utils (1.3.0)
    extralite (2.13)
    ffi (1.17.2)
    ffi (1.17.2-x86_64-linux-gnu)
    httparty (0.23.1)
      csv
      mini_mime (>= 1.0.0)
      multi_xml (>= 0.5.2)
    json (2.13.2)
    kramdown (2.5.1)
      rexml (>= 3.3.9)
    kramdown-parser-gfm (1.1.0)
      kramdown (~> 2.0)
    listen (3.9.0)
      rb-fsevent (~> 0.10, >= 0.10.3)
      rb-inotify (~> 0.9, >= 0.9.10)
    logger (1.7.0)
    mini_mime (1.1.5)
    multi_xml (0.7.2)
      bigdecimal (~> 3.1)
    nokogiri (1.18.9-x86_64-linux-gnu)
      racc (~> 1.4)
    papercraft (2.14)
      kramdown (~> 2.5.1)
      kramdown-parser-gfm (~> 1.1.0)
      rouge (~> 4.5.1)
      sirop (~> 0.9)
    prism (1.4.0)
    qeweney (0.22)
      escape_utils (= 1.3.0)
    racc (1.8.1)
    rack (3.1.16)
    rb-fsevent (0.11.2)
    rb-inotify (0.11.1)
      ffi (~> 1.0)
    rexml (3.4.2)
    rouge (4.5.2)
    sirop (0.9)
      prism (~> 1.4.0)
    syntropy (0.20)
      extralite (= 2.13)
      json (= 2.13.2)
      listen (= 3.9.0)
      logger (= 1.7.0)
      papercraft (= 2.14)
      qeweney (= 0.22)
      tp2 (= 0.18)
      uringmachine (= 0.18)
    tp2 (0.18)
      qeweney (~> 0.22)
      rack (~> 3.1.15)
      uringmachine (~> 0.18)
    uringmachine (0.18)

PLATFORMS
  x86_64-linux

DEPENDENCIES
  httparty (~> 0.23.1)
  nokogiri (~> 1.18.8)
  syntropy (= 0.20)

BUNDLED WITH
   2.6.9
