PATH
  remote: ../impression
  specs:
    impression (0.1)
      kramdown (~> 2.3.0)
      kramdown-parser-gfm (~> 1.1.0)
      polyphony (~> 0.67)
      qeweney (~> 0.14)
      rouge (~> 3.26.0)
      tipi (~> 0.41)

PATH
  remote: ../polyphony
  specs:
    polyphony (0.67)

PATH
  remote: ../qeweney
  specs:
    qeweney (0.14)
      escape_utils (~> 1.2.1)

PATH
  remote: ../tipi
  specs:
    tipi (0.41)
      acme-client (~> 2.0.8)
      extralite (~> 1.2)
      http-2 (~> 0.11)
      msgpack (~> 1.4.2)
      polyphony (~> 0.67)
      qeweney (~> 0.14)
      rack (>= 2.0.8, < 2.3.0)
      websocket (~> 1.2.8)

GEM
  remote: https://rubygems.org/
  specs:
    acme-client (2.0.8)
      faraday (>= 0.17, < 2.0.0)
    escape_utils (1.2.1)
    extralite (1.2)
    faraday (1.7.0)
      faraday-em_http (~> 1.0)
      faraday-em_synchrony (~> 1.0)
      faraday-excon (~> 1.1)
      faraday-httpclient (~> 1.0.1)
      faraday-net_http (~> 1.0)
      faraday-net_http_persistent (~> 1.1)
      faraday-patron (~> 1.0)
      faraday-rack (~> 1.0)
      multipart-post (>= 1.2, < 3)
      ruby2_keywords (>= 0.0.4)
    faraday-em_http (1.0.0)
    faraday-em_synchrony (1.0.0)
    faraday-excon (1.1.0)
    faraday-httpclient (1.0.1)
    faraday-net_http (1.0.1)
    faraday-net_http_persistent (1.2.0)
    faraday-patron (1.0.0)
    faraday-rack (1.0.0)
    http-2 (0.11.0)
    kramdown (2.3.1)
      rexml
    kramdown-parser-gfm (1.1.0)
      kramdown (~> 2.0)
    msgpack (1.4.2)
    multipart-post (2.1.1)
    rack (2.2.3)
    rexml (3.2.5)
    rouge (3.26.0)
    ruby2_keywords (0.0.5)
    websocket (1.2.9)

PLATFORMS
  ruby

DEPENDENCIES
  impression!
  polyphony!
  qeweney!
  tipi!

BUNDLED WITH
   2.1.4
